PATH
  remote: .
  specs:
    mercadopago-ruby (0.10.6)
      faraday (~> 0.9.0)
      faraday_middleware
      json
      request_id

GEM
  remote: https://rubygems.org/
  specs:
    diff-lcs (1.3)
    faraday (0.9.2)
      multipart-post (>= 1.2, < 3)
    faraday_middleware (0.12.2)
      faraday (>= 0.7.4, < 1.0)
    json (2.1.0)
    multipart-post (2.0.0)
    rake (0.9.6)
    request_id (0.4.3)
    rspec (3.3.0)
      rspec-core (~> 3.3.0)
      rspec-expectations (~> 3.3.0)
      rspec-mocks (~> 3.3.0)
    rspec-core (3.3.2)
      rspec-support (~> 3.3.0)
    rspec-expectations (3.3.1)
      diff-lcs (>= 1.2.0, < 2.0)
      rspec-support (~> 3.3.0)
    rspec-mocks (3.3.2)
      diff-lcs (>= 1.2.0, < 2.0)
      rspec-support (~> 3.3.0)
    rspec-support (3.3.0)

PLATFORMS
  ruby

DEPENDENCIES
  bundler (~> 1.5)
  mercadopago-ruby!
  rake (~> 0)
  rspec (~> 3.3.0)

BUNDLED WITH
   1.17.2
